GIT
  remote: git://github.com/itzki/slideshare.git
  revision: 5cfac3a6a10edc00f422bcb3982c2249b986657d
  specs:
    slideshare (0.0.1)
      activesupport

GEM
  remote: http://rubygems.org/
  specs:
    Ascii85 (1.0.2)
    activesupport (3.2.11)
      i18n (~> 0.6)
      multi_json (~> 1.0)
    afm (0.2.0)
    domain_name (0.5.7)
      unf (~> 0.0.3)
    dotenv (0.5.0)
    hashery (2.1.0)
    i18n (0.6.1)
    mechanize (2.5.1)
      domain_name (~> 0.5, >= 0.5.1)
      mime-types (~> 1.17, >= 1.17.2)
      net-http-digest_auth (~> 1.1, >= 1.1.1)
      net-http-persistent (~> 2.5, >= 2.5.2)
      nokogiri (~> 1.4)
      ntlm-http (~> 0.1, >= 0.1.1)
      webrobots (~> 0.0, >= 0.0.9)
    mime-types (1.19)
    multi_json (1.5.0)
    net-http-digest_auth (1.2.1)
    net-http-persistent (2.8)
    nokogiri (1.5.6)
    ntlm-http (0.1.1)
    pdf-reader (1.3.0)
      Ascii85 (~> 1.0.0)
      afm (~> 0.2.0)
      hashery (~> 2.0)
      ruby-rc4
      ttfunk
    prawn (0.12.0)
      pdf-reader (>= 0.9.0)
      ttfunk (~> 1.0.2)
    ruby-rc4 (0.1.5)
    ttfunk (1.0.3)
    unf (0.0.5)
      unf_ext
    unf_ext (0.0.5)
    webrobots (0.0.13)

PLATFORMS
  ruby

DEPENDENCIES
  dotenv
  mechanize
  prawn
  slideshare!
